GEM
  remote: http://rubygems.org/
  specs:
    SystemTimer (1.2.3)
    active_support (3.0.0)
      activesupport (= 3.0.0)
    activemodel (3.0.0)
      activesupport (= 3.0.0)
      builder (~> 2.1.2)
      i18n (~> 0.4.1)
    activesupport (3.0.0)
    addressable (2.2.7)
    bson (1.6.2)
    bson_ext (1.6.1)
      bson (~> 1.6.1)
    builder (2.1.2)
    cookiejar (0.3.0)
    daemons (1.1.8)
    em-http-request (1.0.2)
      addressable (>= 2.2.3)
      cookiejar
      em-socksify
      eventmachine (>= 1.0.0.beta.4)
      http_parser.rb (>= 0.5.3)
    em-socksify (0.2.0)
      eventmachine (>= 1.0.0.beta.4)
    eventmachine (1.0.0.beta.4)
    faraday (0.7.6)
      addressable (~> 2.2)
      multipart-post (~> 1.1)
      rack (~> 1.1)
    http_parser.rb (0.5.3)
    i18n (0.4.2)
    json (1.6.6)
    juggernaut (2.1.1)
      redis
    mongo (1.6.2)
      bson (~> 1.6.2)
    mongo_mapper (0.11.1)
      activemodel (~> 3.0)
      activesupport (~> 3.0)
      plucky (~> 0.4.0)
    multi_json (1.2.0)
    multipart-post (1.1.5)
    nokogiri (1.5.2)
    plucky (0.4.4)
      mongo (~> 1.5)
    rack (1.4.1)
    rack-mobile-detect (0.3.0)
      rack
    rack-protection (1.2.0)
      rack
    redis (2.2.2)
    redis-namespace (1.0.3)
      redis (< 3.0.0)
    resque (1.20.0)
      multi_json (~> 1.0)
      redis-namespace (~> 1.0.2)
      sinatra (>= 0.9.2)
      vegas (~> 0.1.2)
    simple_oauth (0.1.5)
    sinatra (1.3.2)
      rack (~> 1.3, >= 1.3.6)
      rack-protection (~> 1.2)
      tilt (~> 1.3, >= 1.3.3)
    sinatra-partial (0.2.2)
      sinatra
    tilt (1.3.3)
    twitter (2.2.0)
      activesupport (>= 2.3.9, < 4)
      faraday (~> 0.7)
      multi_json (~> 1.0)
      simple_oauth (~> 0.1)
    vegas (0.1.11)
      rack (>= 1.0.0)
    yajl-ruby (1.1.0)

PLATFORMS
  ruby

DEPENDENCIES
  SystemTimer
  active_support
  bson_ext
  daemons
  em-http-request
  json
  juggernaut
  mongo_mapper
  multi_json
  nokogiri
  rack-mobile-detect
  resque
  sinatra
  sinatra-partial
  twitter
  yajl-ruby
